GEM
  remote: https://rubygems.org/
  specs:
    fakefs (0.4.1)
    rake (10.0.4)

PLATFORMS
  ruby

DEPENDENCIES
  fakefs
  rake
